GEM
  remote: https://rubygems.org/
  specs:
    ffi (1.9.8)
    natto (1.0.0)
      ffi (>= 1.9.0)
    rake (10.4.2)
    sqlite3 (1.3.10)
    stemmify (0.0.2)

PLATFORMS
  ruby

DEPENDENCIES
  natto
  rake
  sqlite3
  stemmify

BUNDLED WITH
   1.10.3
